PATH
  remote: .
  specs:
    artemis_api (0.7.5)
      oauth2

GEM
  remote: https://rubygems.org/
  specs:
    activesupport (7.0.4.3)
      concurrent-ruby (~> 1.0, >= 1.0.2)
      i18n (>= 1.6, < 2)
      minitest (>= 5.1)
      tzinfo (~> 2.0)
    addressable (2.6.0)
      public_suffix (>= 2.0.2, < 4.0)
    coderay (1.1.2)
    concurrent-ruby (1.2.2)
    crack (0.4.3)
      safe_yaml (~> 1.0.0)
    faraday (1.0.1)
      multipart-post (>= 1.2, < 3)
    hashdiff (0.4.0)
    i18n (1.12.0)
      concurrent-ruby (~> 1.0)
    jwt (2.2.1)
    method_source (1.0.0)
    minitest (5.11.3)
    multi_json (1.14.1)
    multi_xml (0.6.0)
    multipart-post (2.1.1)
    oauth2 (1.4.4)
      faraday (>= 0.8, < 2.0)
      jwt (>= 1.0, < 3.0)
      multi_json (~> 1.3)
      multi_xml (~> 0.5)
      rack (>= 1.2, < 3)
    pry (0.13.1)
      coderay (~> 1.1)
      method_source (~> 1.0)
    public_suffix (3.1.1)
    rack (2.2.3)
    rake (13.0.1)
    safe_yaml (1.0.5)
    tzinfo (2.0.6)
      concurrent-ruby (~> 1.0)
    webmock (3.6.0)
      addressable (>= 2.3.6)
      crack (>= 0.3.2)
      hashdiff (>= 0.4.0, < 2.0.0)

PLATFORMS
  ruby

DEPENDENCIES
  activesupport
  artemis_api!
  bundler (~> 1.16)
  minitest (~> 5.0)
  pry
  rake (~> 13.0)
  webmock

BUNDLED WITH
   1.17.3
